PATH
  remote: .
  specs:
    http_session_keeper (0.1.0)

GEM
  remote: https://rubygems.org/
  specs:
    connection_pool (2.5.0)
    rake (13.2.1)
    redis (5.2.0)
      redis-client (>= 0.22.0)
    redis-client (0.22.2)
      connection_pool

PLATFORMS
  arm64-darwin-23
  ruby

DEPENDENCIES
  http_session_keeper!
  rake (~> 13.0)
  redis

BUNDLED WITH
   2.5.16
